GEM
  remote: https://rubygems.org/
  specs:
    builder (2.1.2)
    json (1.8.2)
    mime-types (2.4.3)
    netrc (0.10.2)
    rest-client (1.7.2)
      mime-types (>= 1.16, < 3.0)
      netrc (~> 0.7)

PLATFORMS
  ruby

DEPENDENCIES
  builder (>= 2.1.2)
  json (>= 1.6.6)
  rest-client (>= 1.6.7)
